GEM
  remote: https://rubygems.org/
  specs:
    coderay (1.1.2)
    diff-lcs (1.3)
    mustermann (1.0.3)
    rack (2.2.3)
    rack-protection (2.0.7)
      rack
    rack-test (0.8.3)
      rack (>= 1.0, < 3)
    rspec (3.9.0)
      rspec-core (~> 3.9.0)
      rspec-expectations (~> 3.9.0)
      rspec-mocks (~> 3.9.0)
    rspec-core (3.9.0)
      rspec-support (~> 3.9.0)
    rspec-expectations (3.9.0)
      diff-lcs (>= 1.2.0, < 2.0)
      rspec-support (~> 3.9.0)
    rspec-mocks (3.9.0)
      diff-lcs (>= 1.2.0, < 2.0)
      rspec-support (~> 3.9.0)
    rspec-support (3.9.0)
    sequel (4.49.0)
    sinatra (2.0.7)
      mustermann (~> 1.0)
      rack (~> 2.0)
      rack-protection (= 2.0.7)
      tilt (~> 2.0)
    sqlite3 (1.4.1)
    tilt (2.0.10)

PLATFORMS
  ruby

DEPENDENCIES
  coderay (~> 1.1, >= 1.1.2)
  rack-test (~> 0.8.3)
  rspec (~> 3.6)
  sequel (~> 4.49)
  sinatra (~> 2.0, >= 2.0.7)
  sqlite3 (~> 1.3, >= 1.3.13)

BUNDLED WITH
   1.17.2
