GEM
  remote: https://rubygems.org/
  specs:
    rack (3.0.4.1)
    rulers (0.0.1)
      rack

PLATFORMS
  ruby

DEPENDENCIES
  rulers

BUNDLED WITH
   2.1.4
